GEM
  remote: https://rubygems.org/
  specs:
    games_dice (0.4.0)
      parslet (>= 1.5.0)
    parslet (2.0.0)

PLATFORMS
  x86_64-darwin-20

DEPENDENCIES
  games_dice

BUNDLED WITH
   2.2.22
